GEM
  remote: https://rubygems.org/
  specs:
    rack (1.6.0)
    rack-protection (1.5.3)
      rack
    sinatra (1.4.6)
      rack (~> 1.4)
      rack-protection (~> 1.4)
      tilt (>= 1.3, < 3)
    tilt (2.0.1)

PLATFORMS
  ruby

DEPENDENCIES
  sinatra (~> 1.4.4)

RUBY VERSION
   ruby 2.3.7p456

BUNDLED WITH
   1.16.3
